PATH
  remote: .
  specs:
    cvmaker (0.1.4)
      colorize
      iso639
      parseconfig
      slop
      tty-editor
      whirly

GEM
  remote: https://rubygems.org/
  specs:
    colorize (0.8.1)
    gem-release (2.2.2)
    iso639 (1.3.2)
    parseconfig (1.1.0)
    pastel (0.8.0)
      tty-color (~> 0.5)
    rake (13.0.6)
    slop (4.9.1)
    tty-color (0.6.0)
    tty-cursor (0.7.1)
    tty-editor (0.7.0)
      tty-prompt (~> 0.22)
    tty-prompt (0.23.1)
      pastel (~> 0.8)
      tty-reader (~> 0.8)
    tty-reader (0.9.0)
      tty-cursor (~> 0.7)
      tty-screen (~> 0.8)
      wisper (~> 2.0)
    tty-screen (0.8.1)
    unicode-display_width (2.1.0)
    whirly (0.3.0)
      unicode-display_width (>= 1.1)
    wisper (2.0.1)

PLATFORMS
  x86_64-linux

DEPENDENCIES
  cvmaker!
  gem-release
  rake (~> 13.0)

BUNDLED WITH
   2.2.27
